GIT
  remote: https://github.com/ddd-ruby/active_serializer.git
  revision: 1d65b9bd56c61a7881886327cb1fe61756458b79
  specs:
    active_serializer (0.1.1)

GIT
  remote: https://github.com/mindreframer/api_view.git
  revision: d2ef707177f927607008c99e784876e6754002bf
  specs:
    api_view (0.5.0)

PATH
  remote: .
  specs:
    json_serialization_benchmark (0.5)

GEM
  remote: https://rubygems.org/
  specs:
    active_model_serializers (0.9.8)
      activemodel (>= 3.2)
      concurrent-ruby (~> 1.0)
    activemodel (6.0.6.1)
      activesupport (= 6.0.6.1)
    activesupport (6.0.6.1)
      concurrent-ruby (~> 1.0, >= 1.0.2)
      i18n (>= 0.7, < 2)
      minitest (~> 5.1)
      tzinfo (~> 1.1)
      zeitwerk (~> 2.2, >= 2.2.2)
    allocation_stats (0.1.5)
    bixby-bench (0.1.0)
      allocation_stats
    concurrent-ruby (1.1.10)
    i18n (1.12.0)
      concurrent-ruby (~> 1.0)
    minitest (5.14.0)
    multi_json (1.14.1)
    oj (3.10.2)
    rabl (0.16.1)
      activesupport (>= 2.3.14)
    rake (10.5.0)
    require_pattern (1.1.2)
    ruby-prof (1.2.0)
    thread_safe (0.3.6)
    tzinfo (1.2.10)
      thread_safe (~> 0.1)
    zeitwerk (2.6.6)

PLATFORMS
  ruby

DEPENDENCIES
  active_model_serializers
  active_serializer!
  api_view!
  bixby-bench
  bundler (~> 2.1)
  json_serialization_benchmark!
  minitest (~> 5.0)
  multi_json
  oj
  rabl
  rake (~> 10.0)
  require_pattern
  ruby-prof

BUNDLED WITH
   2.1.4
