GIT
  remote: https://github.com/ddd-ruby/active_serializer.git
  revision: 1d65b9bd56c61a7881886327cb1fe61756458b79
  specs:
    active_serializer (0.1.1)

GIT
  remote: https://github.com/mindreframer/api_view.git
  revision: d2ef707177f927607008c99e784876e6754002bf
  specs:
    api_view (0.5.0)

PATH
  remote: .
  specs:
    json_serialization_benchmark (0.5)

GEM
  remote: https://rubygems.org/
  specs:
    actionpack (6.0.4.8)
      actionview (= 6.0.4.8)
      activesupport (= 6.0.4.8)
      rack (~> 2.0, >= 2.0.8)
      rack-test (>= 0.6.3)
      rails-dom-testing (~> 2.0)
      rails-html-sanitizer (~> 1.0, >= 1.2.0)
    actionview (6.0.4.8)
      activesupport (= 6.0.4.8)
      builder (~> 3.1)
      erubi (~> 1.4)
      rails-dom-testing (~> 2.0)
      rails-html-sanitizer (~> 1.1, >= 1.2.0)
    active_model_serializers (0.10.10)
      actionpack (>= 4.1, < 6.1)
      activemodel (>= 4.1, < 6.1)
      case_transform (>= 0.2)
      jsonapi-renderer (>= 0.1.1.beta1, < 0.3)
    activemodel (6.0.4.8)
      activesupport (= 6.0.4.8)
    activesupport (6.0.4.8)
      concurrent-ruby (~> 1.0, >= 1.0.2)
      i18n (>= 0.7, < 2)
      minitest (~> 5.1)
      tzinfo (~> 1.1)
      zeitwerk (~> 2.2, >= 2.2.2)
    allocation_stats (0.1.5)
    bixby-bench (0.1.0)
      allocation_stats
    builder (3.2.4)
    case_transform (0.2)
      activesupport
    concurrent-ruby (1.1.10)
    crass (1.0.6)
    erubi (1.10.0)
    i18n (1.10.0)
      concurrent-ruby (~> 1.0)
    jsonapi-renderer (0.2.2)
    loofah (2.16.0)
      crass (~> 1.0.2)
      nokogiri (>= 1.5.9)
    mini_portile2 (2.8.0)
    minitest (5.14.0)
    multi_json (1.14.1)
    nokogiri (1.13.4)
      mini_portile2 (~> 2.8.0)
      racc (~> 1.4)
    oj (3.10.2)
    rabl (0.14.2)
      activesupport (>= 2.3.14)
    racc (1.6.0)
    rack (2.2.3)
    rack-test (1.1.0)
      rack (>= 1.0, < 3)
    rails-dom-testing (2.0.3)
      activesupport (>= 4.2.0)
      nokogiri (>= 1.6)
    rails-html-sanitizer (1.4.2)
      loofah (~> 2.3)
    rake (10.5.0)
    require_pattern (1.1.2)
    ruby-prof (1.2.0)
    thread_safe (0.3.6)
    tzinfo (1.2.9)
      thread_safe (~> 0.1)
    zeitwerk (2.5.4)

PLATFORMS
  ruby

DEPENDENCIES
  active_model_serializers
  active_serializer!
  api_view!
  bixby-bench
  bundler (~> 2.1)
  json_serialization_benchmark!
  minitest (~> 5.0)
  multi_json
  oj
  rabl
  rake (~> 10.0)
  require_pattern
  ruby-prof

BUNDLED WITH
   2.1.4
